GEM
  remote: https://rubygems.org/
  specs:
    addressable (2.7.0)
      public_suffix (>= 2.0.2, < 5.0)
    erubi (1.9.0)
    httparty (0.17.3)
      mime-types (~> 3.0)
      multi_xml (>= 0.5.2)
    launchy (2.4.3)
      addressable (~> 2.3)
    mime-types (3.3.1)
      mime-types-data (~> 3.2015)
    mime-types-data (3.2019.1009)
    mini_portile2 (2.4.0)
    multi_xml (0.6.0)
    nokogiri (1.10.7)
      mini_portile2 (~> 2.4.0)
    public_suffix (4.0.3)

PLATFORMS
  ruby

DEPENDENCIES
  erubi (~> 1.9)
  httparty (~> 0.17.3)
  launchy (~> 2.4, >= 2.4.3)
  nokogiri (~> 1.10, >= 1.10.7)

BUNDLED WITH
   2.1.4
